GEM
  remote: http://rubygems.org/
  specs:
    activesupport (3.0.7)
    curb (0.7.15)
    validatable (1.6.7)
    xml-simple (1.0.16)

PLATFORMS
  ruby

DEPENDENCIES
  activesupport (>= 2.3.2)
  curb (>= 0.3.2)
  validatable (>= 1.6.7)
  xml-simple (>= 1.0.12)
