GEM
  remote: http://rubygems.org/
  specs:
    activesupport (2.3.11)
    curb (0.3.7)
    diff-lcs (1.1.2)
    mocha (0.9.12)
    rake (0.9.2)
    rdoc (3.6.1)
    rspec (2.6.0)
      rspec-core (~> 2.6.0)
      rspec-expectations (~> 2.6.0)
      rspec-mocks (~> 2.6.0)
    rspec-core (2.6.4)
    rspec-expectations (2.6.0)
      diff-lcs (~> 1.1.2)
    rspec-mocks (2.6.0)
    validatable (1.6.7)
    xml-simple (1.0.16)

PLATFORMS
  ruby

DEPENDENCIES
  activesupport (~> 2.3.2)
  curb (~> 0.3.2)
  mocha (~> 0.9.12)
  rake
  rdoc
  rspec
  validatable (~> 1.6.7)
  xml-simple (~> 1.0.12)
